PATH
  remote: .
  specs:
    exact-target-api (0.0.5)
      jwt (~> 1.3)
      nokogiri (~> 1.5)
      savon (~> 2.2.0)

GEM
  remote: https://rubygems.org/
  specs:
    akami (1.2.2)
      gyoku (>= 0.4.0)
      nokogiri
    builder (3.2.2)
    gyoku (1.0.0)
      builder (>= 2.1.2)
    httpi (2.0.2)
      rack
    jwt (1.3.0)
    mini_portile (0.6.2)
    nokogiri (1.6.6.2)
      mini_portile (~> 0.6.0)
    nori (2.1.0)
    rack (1.6.0)
    savon (2.2.0)
      akami (~> 1.2.0)
      builder (>= 2.1.2)
      gyoku (~> 1.0.0)
      httpi (~> 2.0.2)
      nokogiri (>= 1.4.0)
      nori (~> 2.1.0)
      wasabi (~> 3.1.0)
    wasabi (3.1.0)
      httpi (~> 2.0)
      nokogiri (>= 1.4.0)

PLATFORMS
  ruby

DEPENDENCIES
  exact-target-api!
